GEM
  remote: https://rubygems.org/
  specs:
    ProMotion (1.1.0)
      methadone
    methadone (1.3.1)
      bundler
    sugarcube (1.3.11)

PLATFORMS
  ruby

DEPENDENCIES
  ProMotion (~> 1.1.0)
  sugarcube
