GEM
  remote: https://rubygems.org/
  specs:
    ProMotion (1.1.0)
      methadone
    methadone (1.3.1)
      bundler

PLATFORMS
  ruby

DEPENDENCIES
  ProMotion (~> 1.1.0)
